GIT
  remote: git://github.com/hsume2/foreman.git
  revision: 065bbf1cd8f8eb0e1abbc5b8da7da2ff1cf5ed46
  specs:
    foreman (0.47.0)
      thor (>= 0.13.6)

GEM
  remote: https://rubygems.org/
  specs:
    autoprefixer-rails (5.1.9)
      execjs
      json
    bootstrap-sass (3.3.4.1)
      autoprefixer-rails (>= 5.0.0.1)
      sass (>= 3.2.19)
    chunky_png (1.3.4)
    compass (1.0.3)
      chunky_png (~> 1.2)
      compass-core (~> 1.0.2)
      compass-import-once (~> 1.0.5)
      rb-fsevent (>= 0.9.3)
      rb-inotify (>= 0.9)
      sass (>= 3.3.13, < 3.5)
    compass-core (1.0.3)
      multi_json (~> 1.0)
      sass (>= 3.3.0, < 3.5)
    compass-import-once (1.0.5)
      sass (>= 3.2, < 3.5)
    execjs (2.5.2)
    ffi (1.9.8)
    json (1.8.2)
    multi_json (1.11.0)
    rb-fsevent (0.9.4)
    rb-inotify (0.9.5)
      ffi (>= 0.5.0)
    sass (3.4.12)
    thor (0.19.1)

PLATFORMS
  ruby

DEPENDENCIES
  bootstrap-sass
  compass (= 1.0.3)
  foreman!
  sass (= 3.4.12)
